GEM
  remote: http://rubygems.org/
  specs:
    faraday (0.8.8)
      multipart-post (~> 1.2.0)
    multi_json (1.7.9)
    multipart-post (1.2.0)
    redis (2.2.2)
    ruby-oembed (0.8.8)
    simple_oauth (0.2.0)
    twitter (4.8.1)
      faraday (~> 0.8, < 0.10)
      multi_json (~> 1.0)
      simple_oauth (~> 0.2)

PLATFORMS
  ruby

DEPENDENCIES
  redis (= 2.2.2)
  ruby-oembed
  twitter
