GEM
  remote: http://rubygems.org/
  specs:
    activesupport (3.2.3)
      i18n (~> 0.6)
      multi_json (~> 1.0)
    faraday (0.8.1)
      multipart-post (~> 1.1)
    i18n (0.6.0)
    multi_json (1.3.6)
    multipart-post (1.1.5)
    redis (2.2.2)
    ruby-oembed (0.8.7)
    simple_oauth (0.1.8)
    twitter (2.4.0)
      activesupport (>= 2.3.9, < 4)
      faraday (~> 0.8)
      multi_json (~> 1.3)
      simple_oauth (~> 0.1.6)

PLATFORMS
  ruby

DEPENDENCIES
  redis (= 2.2.2)
  ruby-oembed
  twitter
